GEM
  remote: https://rubygems.org/
  specs:
    event_emitter (0.2.6)
    httparty (0.16.0)
      multi_xml (>= 0.5.2)
    json (2.1.0)
    multi_xml (0.6.0)
    serialport (1.3.1)
    socket.io-client-simple (1.2.1)
      event_emitter
      httparty
      json
      websocket-client-simple (~> 0.3.0)
    websocket (1.2.5)
    websocket-client-simple (0.3.0)
      event_emitter
      websocket

PLATFORMS
  ruby

DEPENDENCIES
  serialport
  socket.io-client-simple

BUNDLED WITH
   1.16.1
